GIT
  remote: git@github.com:rack/rack-contrib
  revision: 095edc9df5c98f2e731898edd8bb2f48894a4445
  specs:
    rack-contrib (0.0.0.1.ENOGVB)
      rack (~> 2.0)

GEM
  remote: https://rubygems.org/
  specs:
    coderay (1.1.3)
    daemons (1.4.0)
    eventmachine (1.2.7)
    method_source (1.0.0)
    mustermann (1.1.1)
      ruby2_keywords (~> 0.0.1)
    pry (0.14.0)
      coderay (~> 1.1)
      method_source (~> 1.0)
    rack (2.2.3)
    rack-cors (1.1.1)
      rack (>= 2.0.0)
    rack-protection (2.1.0)
      rack
    require_all (3.0.0)
    ruby2_keywords (0.0.5)
    shotgun (0.9.2)
      rack (>= 1.0)
    sinatra (2.1.0)
      mustermann (~> 1.0)
      rack (~> 2.2)
      rack-protection (= 2.1.0)
      tilt (~> 2.0)
    thin (1.8.1)
      daemons (~> 1.0, >= 1.0.9)
      eventmachine (~> 1.0, >= 1.0.4)
      rack (>= 1, < 3)
    tilt (2.0.10)

PLATFORMS
  ruby

DEPENDENCIES
  pry
  rack
  rack-contrib!
  rack-cors
  require_all
  shotgun
  sinatra
  thin

BUNDLED WITH
   2.1.4
